GEM
  remote: https://rubygems.org/
  specs:
    rake (11.1.2)
    snitcher (0.3.2)

PLATFORMS
  ruby

DEPENDENCIES
  rake
  snitcher

BUNDLED WITH
   1.10.6
